GEM
  remote: http://rubygems.org/
  specs:
    metaclass (0.0.1)
    mocha (0.10.4)
      metaclass (~> 0.0.1)
    timecop (0.3.5)

PLATFORMS
  ruby

DEPENDENCIES
  mocha
  timecop
